PATH
  remote: .
  specs:
    azure_logging_rails (1.1.0)
      azure
      log4r (~> 1.1.10)

GEM
  remote: https://rubygems.org/
  specs:
    azure (0.6.3)
      json (~> 1.8)
      mime-types (~> 1.0)
      nokogiri (~> 1.5)
      systemu (~> 2.6)
      uuid (~> 2.0)
    json (1.8.1)
    log4r (1.1.10)
    macaddr (1.7.0)
      systemu (~> 2.6.2)
    mime-types (1.25.1)
    mini_portile (0.5.3)
    nokogiri (1.6.1)
      mini_portile (~> 0.5.0)
    sqlite3 (1.3.8)
    systemu (2.6.4)
    uuid (2.3.7)
      macaddr (~> 1.0)

PLATFORMS
  ruby

DEPENDENCIES
  azure_logging_rails!
  sqlite3
